PATH
  remote: .
  specs:
    verbump (0.1.0)

GEM
  remote: https://rubygems.org/
  specs:
    rake (10.1.0)
    slop (3.4.7)

PLATFORMS
  ruby

DEPENDENCIES
  bundler (~> 1.3)
  rake
  slop
  verbump!
